STORAGE: NONE
RESTRICTION: == net8.0
NUGET
  remote: https://api.nuget.org/v3/index.json
    Crayon (2.0.69)
    McMaster.Extensions.CommandLineUtils (4.1.1)
      System.ComponentModel.Annotations (>= 5.0)
    Microsoft.Extensions.DependencyInjection (8.0)
      Microsoft.Extensions.DependencyInjection.Abstractions (>= 8.0)
    Microsoft.Extensions.DependencyInjection.Abstractions (8.0)
    Microsoft.Extensions.Primitives (9.0.4)
    NuGet.Common (6.13.2)
      NuGet.Frameworks (>= 6.13.2)
      System.Collections.Immutable (>= 8.0)
    NuGet.Configuration (6.13.2)
      NuGet.Common (>= 6.13.2)
      System.Security.Cryptography.ProtectedData (>= 4.4)
    NuGet.Frameworks (6.13.2)
    NuGet.Packaging (6.13.2)
      Newtonsoft.Json (>= 13.0.3)
      NuGet.Configuration (>= 6.13.2)
      NuGet.Versioning (>= 6.13.2)
      System.Formats.Asn1 (>= 8.0.1)
      System.Security.Cryptography.Pkcs (>= 6.0.4)
    NuGet.Protocol (6.13.2)
      NuGet.Packaging (>= 6.13.2)
    NuGet.Versioning (6.13.2)
    Semver (3.0)
      Microsoft.Extensions.Primitives (>= 5.0.1)
    Spectre.Console (0.48)
      System.Memory (>= 4.5.5)
    System.Collections.Immutable (9.0.4)
    System.ComponentModel.Annotations (5.0)
    System.Formats.Asn1 (9.0.4)
    System.Memory (4.5.5)
    Tk.Extensions (0.1.113)
      Newtonsoft.Json (>= 13.0.3)
    Tk.Nuget (0.1.83)
      Microsoft.Extensions.DependencyInjection (>= 7.0)
      NuGet.Protocol (>= 6.13.2)
      Semver (>= 3.0)
  remote: https://www.nuget.org/api/v2
    Newtonsoft.Json (13.0.3)
    System.Security.Cryptography.Pkcs (8.0)
      System.Formats.Asn1 (>= 8.0)
    System.Security.Cryptography.ProtectedData (8.0)

GROUP Tests
STORAGE: NONE
RESTRICTION: == net8.0
NUGET
  remote: https://www.nuget.org/api/v2
    Castle.Core (5.1.1)
      System.Diagnostics.EventLog (>= 6.0)
    coverlet.collector (6.0.4)
    coverlet.msbuild (6.0.4)
    FluentAssertions (6.12)
      System.Configuration.ConfigurationManager (>= 4.4)
    FsCheck (2.16.6)
      FSharp.Core (>= 4.2.3)
    FsCheck.Xunit (2.16.6)
      FsCheck (2.16.6)
      xunit.extensibility.execution (>= 2.2 < 3.0)
    FSharp.Core (8.0.200)
    FsUnit.xUnit (6.0)
      FSharp.Core (>= 5.0.2)
      NHamcrest (>= 3.4)
      xunit (>= 2.5.3)
    Microsoft.CodeCoverage (17.9)
    Microsoft.Extensions.Primitives (9.0.4)
    Microsoft.NET.Test.Sdk (17.9)
      Microsoft.CodeCoverage (>= 17.9)
      Microsoft.TestPlatform.TestHost (>= 17.9)
    Microsoft.NETCore.Platforms (7.0.4)
    Microsoft.NETCore.Targets (5.0)
    Microsoft.TestPlatform.ObjectModel (17.9)
      System.Reflection.Metadata (>= 1.6)
    Microsoft.TestPlatform.TestHost (17.9)
      Microsoft.TestPlatform.ObjectModel (>= 17.9)
      Newtonsoft.Json (>= 13.0.1)
    Newtonsoft.Json (13.0.3)
    NHamcrest (3.4)
    NSubstitute (5.1)
      Castle.Core (>= 5.1.1)
    NuGet.Common (6.13.2)
      NuGet.Frameworks (>= 6.13.2)
      System.Collections.Immutable (>= 8.0)
    NuGet.Configuration (6.13.2)
      NuGet.Common (>= 6.13.2)
      System.Security.Cryptography.ProtectedData (>= 4.4)
    NuGet.Frameworks (6.13.2)
    NuGet.Packaging (6.13.2)
      Newtonsoft.Json (>= 13.0.3)
      NuGet.Configuration (>= 6.13.2)
      NuGet.Versioning (>= 6.13.2)
      System.Formats.Asn1 (>= 8.0.1)
      System.Security.Cryptography.Pkcs (>= 6.0.4)
    NuGet.Protocol (6.13.2)
      NuGet.Packaging (>= 6.13.2)
    NuGet.Versioning (6.13.2)
    runtime.debian.8-x64.runtime.native.System.Security.Cryptography.OpenSsl (4.3.3)
    runtime.debian.9-x64.runtime.native.System.Security.Cryptography.OpenSsl (4.3.3)
    runtime.fedora.23-x64.runtime.native.System.Security.Cryptography.OpenSsl (4.3.3)
    runtime.fedora.24-x64.runtime.native.System.Security.Cryptography.OpenSsl (4.3.3)
    runtime.fedora.27-x64.runtime.native.System.Security.Cryptography.OpenSsl (4.3.3)
    runtime.fedora.28-x64.runtime.native.System.Security.Cryptography.OpenSsl (4.3.3)
    runtime.native.System (4.3.1)
      Microsoft.NETCore.Platforms (>= 1.1.1)
      Microsoft.NETCore.Targets (>= 1.1.3)
    runtime.native.System.Net.Http (4.3.1)
      Microsoft.NETCore.Platforms (>= 1.1.1)
      Microsoft.NETCore.Targets (>= 1.1.3)
    runtime.native.System.Security.Cryptography.Apple (4.3.1)
      runtime.osx.10.10-x64.runtime.native.System.Security.Cryptography.Apple (>= 4.3.1)
    runtime.native.System.Security.Cryptography.OpenSsl (4.3.3)
      runtime.debian.8-x64.runtime.native.System.Security.Cryptography.OpenSsl (>= 4.3.3)
      runtime.debian.9-x64.runtime.native.System.Security.Cryptography.OpenSsl (>= 4.3.3)
      runtime.fedora.23-x64.runtime.native.System.Security.Cryptography.OpenSsl (>= 4.3.3)
      runtime.fedora.24-x64.runtime.native.System.Security.Cryptography.OpenSsl (>= 4.3.3)
      runtime.fedora.27-x64.runtime.native.System.Security.Cryptography.OpenSsl (>= 4.3.3)
      runtime.fedora.28-x64.runtime.native.System.Security.Cryptography.OpenSsl (>= 4.3.3)
      runtime.opensuse.13.2-x64.runtime.native.System.Security.Cryptography.OpenSsl (>= 4.3.3)
      runtime.opensuse.42.1-x64.runtime.native.System.Security.Cryptography.OpenSsl (>= 4.3.3)
      runtime.opensuse.42.3-x64.runtime.native.System.Security.Cryptography.OpenSsl (>= 4.3.3)
      runtime.osx.10.10-x64.runtime.native.System.Security.Cryptography.OpenSsl (>= 4.3.3)
      runtime.rhel.7-x64.runtime.native.System.Security.Cryptography.OpenSsl (>= 4.3.3)
      runtime.ubuntu.14.04-x64.runtime.native.System.Security.Cryptography.OpenSsl (>= 4.3.3)
      runtime.ubuntu.16.04-x64.runtime.native.System.Security.Cryptography.OpenSsl (>= 4.3.3)
      runtime.ubuntu.16.10-x64.runtime.native.System.Security.Cryptography.OpenSsl (>= 4.3.3)
      runtime.ubuntu.18.04-x64.runtime.native.System.Security.Cryptography.OpenSsl (>= 4.3.3)
    runtime.opensuse.13.2-x64.runtime.native.System.Security.Cryptography.OpenSsl (4.3.3)
    runtime.opensuse.42.1-x64.runtime.native.System.Security.Cryptography.OpenSsl (4.3.3)
    runtime.opensuse.42.3-x64.runtime.native.System.Security.Cryptography.OpenSsl (4.3.3)
    runtime.osx.10.10-x64.runtime.native.System.Security.Cryptography.Apple (4.3.1)
    runtime.osx.10.10-x64.runtime.native.System.Security.Cryptography.OpenSsl (4.3.3)
    runtime.rhel.7-x64.runtime.native.System.Security.Cryptography.OpenSsl (4.3.3)
    runtime.ubuntu.14.04-x64.runtime.native.System.Security.Cryptography.OpenSsl (4.3.3)
    runtime.ubuntu.16.04-x64.runtime.native.System.Security.Cryptography.OpenSsl (4.3.3)
    runtime.ubuntu.16.10-x64.runtime.native.System.Security.Cryptography.OpenSsl (4.3.3)
    runtime.ubuntu.18.04-x64.runtime.native.System.Security.Cryptography.OpenSsl (4.3.3)
    Semver (3.0)
      Microsoft.Extensions.Primitives (>= 5.0.1)
    System.Collections (4.3)
      Microsoft.NETCore.Platforms (>= 1.1)
      Microsoft.NETCore.Targets (>= 1.1)
      System.Runtime (>= 4.3)
    System.Collections.Concurrent (4.3)
      System.Collections (>= 4.3)
      System.Diagnostics.Debug (>= 4.3)
      System.Diagnostics.Tracing (>= 4.3)
      System.Globalization (>= 4.3)
      System.Reflection (>= 4.3)
      System.Resources.ResourceManager (>= 4.3)
      System.Runtime (>= 4.3)
      System.Runtime.Extensions (>= 4.3)
      System.Threading (>= 4.3)
      System.Threading.Tasks (>= 4.3)
    System.Collections.Immutable (8.0)
    System.Configuration.ConfigurationManager (8.0)
      System.Diagnostics.EventLog (>= 8.0)
      System.Security.Cryptography.ProtectedData (>= 8.0)
    System.Diagnostics.Debug (4.3)
      Microsoft.NETCore.Platforms (>= 1.1)
      Microsoft.NETCore.Targets (>= 1.1)
      System.Runtime (>= 4.3)
    System.Diagnostics.DiagnosticSource (8.0)
    System.Diagnostics.EventLog (8.0)
    System.Diagnostics.Tracing (4.3)
      Microsoft.NETCore.Platforms (>= 1.1)
      Microsoft.NETCore.Targets (>= 1.1)
      System.Runtime (>= 4.3)
    System.Formats.Asn1 (9.0.4)
    System.Globalization (4.3)
      Microsoft.NETCore.Platforms (>= 1.1)
      Microsoft.NETCore.Targets (>= 1.1)
      System.Runtime (>= 4.3)
    System.Globalization.Calendars (4.3)
      Microsoft.NETCore.Platforms (>= 1.1)
      Microsoft.NETCore.Targets (>= 1.1)
      System.Globalization (>= 4.3)
      System.Runtime (>= 4.3)
    System.Globalization.Extensions (4.3)
      Microsoft.NETCore.Platforms (>= 1.1)
      System.Globalization (>= 4.3)
      System.Resources.ResourceManager (>= 4.3)
      System.Runtime (>= 4.3)
      System.Runtime.Extensions (>= 4.3)
      System.Runtime.InteropServices (>= 4.3)
    System.IO (4.3)
      Microsoft.NETCore.Platforms (>= 1.1)
      Microsoft.NETCore.Targets (>= 1.1)
      System.Runtime (>= 4.3)
      System.Text.Encoding (>= 4.3)
      System.Threading.Tasks (>= 4.3)
    System.IO.FileSystem (4.3)
      Microsoft.NETCore.Platforms (>= 1.1)
      Microsoft.NETCore.Targets (>= 1.1)
      System.IO (>= 4.3)
      System.IO.FileSystem.Primitives (>= 4.3)
      System.Runtime (>= 4.3)
      System.Runtime.Handles (>= 4.3)
      System.Text.Encoding (>= 4.3)
      System.Threading.Tasks (>= 4.3)
    System.IO.FileSystem.Primitives (4.3)
      System.Runtime (>= 4.3)
    System.Linq (4.3)
      System.Collections (>= 4.3)
      System.Diagnostics.Debug (>= 4.3)
      System.Resources.ResourceManager (>= 4.3)
      System.Runtime (>= 4.3)
      System.Runtime.Extensions (>= 4.3)
    System.Net.Http (4.3.4)
      Microsoft.NETCore.Platforms (>= 1.1.1)
      runtime.native.System (>= 4.3)
      runtime.native.System.Net.Http (>= 4.3)
      runtime.native.System.Security.Cryptography.OpenSsl (>= 4.3.2)
      System.Collections (>= 4.3)
      System.Diagnostics.Debug (>= 4.3)
      System.Diagnostics.DiagnosticSource (>= 4.3)
      System.Diagnostics.Tracing (>= 4.3)
      System.Globalization (>= 4.3)
      System.Globalization.Extensions (>= 4.3)
      System.IO (>= 4.3)
      System.IO.FileSystem (>= 4.3)
      System.Net.Primitives (>= 4.3)
      System.Resources.ResourceManager (>= 4.3)
      System.Runtime (>= 4.3)
      System.Runtime.Extensions (>= 4.3)
      System.Runtime.Handles (>= 4.3)
      System.Runtime.InteropServices (>= 4.3)
      System.Security.Cryptography.Algorithms (>= 4.3)
      System.Security.Cryptography.Encoding (>= 4.3)
      System.Security.Cryptography.OpenSsl (>= 4.3)
      System.Security.Cryptography.Primitives (>= 4.3)
      System.Security.Cryptography.X509Certificates (>= 4.3)
      System.Text.Encoding (>= 4.3)
      System.Threading (>= 4.3)
      System.Threading.Tasks (>= 4.3)
    System.Net.Primitives (4.3.1)
      Microsoft.NETCore.Platforms (>= 1.1.1)
      Microsoft.NETCore.Targets (>= 1.1.3)
      System.Runtime (>= 4.3.1)
      System.Runtime.Handles (>= 4.3)
    System.Reflection (4.3)
      Microsoft.NETCore.Platforms (>= 1.1)
      Microsoft.NETCore.Targets (>= 1.1)
      System.IO (>= 4.3)
      System.Reflection.Primitives (>= 4.3)
      System.Runtime (>= 4.3)
    System.Reflection.Metadata (8.0)
      System.Collections.Immutable (>= 8.0)
    System.Reflection.Primitives (4.3)
      Microsoft.NETCore.Platforms (>= 1.1)
      Microsoft.NETCore.Targets (>= 1.1)
      System.Runtime (>= 4.3)
    System.Resources.ResourceManager (4.3)
      Microsoft.NETCore.Platforms (>= 1.1)
      Microsoft.NETCore.Targets (>= 1.1)
      System.Globalization (>= 4.3)
      System.Reflection (>= 4.3)
      System.Runtime (>= 4.3)
    System.Runtime (4.3.1)
      Microsoft.NETCore.Platforms (>= 1.1.1)
      Microsoft.NETCore.Targets (>= 1.1.3)
    System.Runtime.Extensions (4.3.1)
      Microsoft.NETCore.Platforms (>= 1.1.1)
      Microsoft.NETCore.Targets (>= 1.1.3)
      System.Runtime (>= 4.3.1)
    System.Runtime.Handles (4.3)
      Microsoft.NETCore.Platforms (>= 1.1)
      Microsoft.NETCore.Targets (>= 1.1)
      System.Runtime (>= 4.3)
    System.Runtime.InteropServices (4.3)
      Microsoft.NETCore.Platforms (>= 1.1)
      Microsoft.NETCore.Targets (>= 1.1)
      System.Reflection (>= 4.3)
      System.Reflection.Primitives (>= 4.3)
      System.Runtime (>= 4.3)
      System.Runtime.Handles (>= 4.3)
    System.Runtime.Numerics (4.3)
      System.Globalization (>= 4.3)
      System.Resources.ResourceManager (>= 4.3)
      System.Runtime (>= 4.3)
      System.Runtime.Extensions (>= 4.3)
    System.Security.Cryptography.Algorithms (4.3.1)
      Microsoft.NETCore.Platforms (>= 1.1)
      runtime.native.System.Security.Cryptography.Apple (>= 4.3.1)
      runtime.native.System.Security.Cryptography.OpenSsl (>= 4.3.2)
      System.Collections (>= 4.3)
      System.IO (>= 4.3)
      System.Resources.ResourceManager (>= 4.3)
      System.Runtime (>= 4.3)
      System.Runtime.Extensions (>= 4.3)
      System.Runtime.Handles (>= 4.3)
      System.Runtime.InteropServices (>= 4.3)
      System.Runtime.Numerics (>= 4.3)
      System.Security.Cryptography.Encoding (>= 4.3)
      System.Security.Cryptography.Primitives (>= 4.3)
      System.Text.Encoding (>= 4.3)
    System.Security.Cryptography.Cng (5.0)
      System.Formats.Asn1 (>= 5.0)
    System.Security.Cryptography.Csp (4.3)
      Microsoft.NETCore.Platforms (>= 1.1)
      System.IO (>= 4.3)
      System.Reflection (>= 4.3)
      System.Resources.ResourceManager (>= 4.3)
      System.Runtime (>= 4.3)
      System.Runtime.Extensions (>= 4.3)
      System.Runtime.Handles (>= 4.3)
      System.Runtime.InteropServices (>= 4.3)
      System.Security.Cryptography.Algorithms (>= 4.3)
      System.Security.Cryptography.Encoding (>= 4.3)
      System.Security.Cryptography.Primitives (>= 4.3)
      System.Text.Encoding (>= 4.3)
      System.Threading (>= 4.3)
    System.Security.Cryptography.Encoding (4.3)
      Microsoft.NETCore.Platforms (>= 1.1)
      runtime.native.System.Security.Cryptography.OpenSsl (>= 4.3)
      System.Collections (>= 4.3)
      System.Collections.Concurrent (>= 4.3)
      System.Linq (>= 4.3)
      System.Resources.ResourceManager (>= 4.3)
      System.Runtime (>= 4.3)
      System.Runtime.Extensions (>= 4.3)
      System.Runtime.Handles (>= 4.3)
      System.Runtime.InteropServices (>= 4.3)
      System.Security.Cryptography.Primitives (>= 4.3)
      System.Text.Encoding (>= 4.3)
    System.Security.Cryptography.OpenSsl (5.0)
      System.Formats.Asn1 (>= 5.0)
    System.Security.Cryptography.Pkcs (8.0)
      System.Formats.Asn1 (>= 8.0)
    System.Security.Cryptography.Primitives (4.3)
      System.Diagnostics.Debug (>= 4.3)
      System.Globalization (>= 4.3)
      System.IO (>= 4.3)
      System.Resources.ResourceManager (>= 4.3)
      System.Runtime (>= 4.3)
      System.Threading (>= 4.3)
      System.Threading.Tasks (>= 4.3)
    System.Security.Cryptography.ProtectedData (8.0)
    System.Security.Cryptography.X509Certificates (4.3.2)
      Microsoft.NETCore.Platforms (>= 1.1)
      runtime.native.System (>= 4.3)
      runtime.native.System.Net.Http (>= 4.3)
      runtime.native.System.Security.Cryptography.OpenSsl (>= 4.3.2)
      System.Collections (>= 4.3)
      System.Diagnostics.Debug (>= 4.3)
      System.Globalization (>= 4.3)
      System.Globalization.Calendars (>= 4.3)
      System.IO (>= 4.3)
      System.IO.FileSystem (>= 4.3)
      System.IO.FileSystem.Primitives (>= 4.3)
      System.Resources.ResourceManager (>= 4.3)
      System.Runtime (>= 4.3)
      System.Runtime.Extensions (>= 4.3)
      System.Runtime.Handles (>= 4.3)
      System.Runtime.InteropServices (>= 4.3)
      System.Runtime.Numerics (>= 4.3)
      System.Security.Cryptography.Algorithms (>= 4.3)
      System.Security.Cryptography.Cng (>= 4.3)
      System.Security.Cryptography.Csp (>= 4.3)
      System.Security.Cryptography.Encoding (>= 4.3)
      System.Security.Cryptography.OpenSsl (>= 4.3)
      System.Security.Cryptography.Primitives (>= 4.3)
      System.Text.Encoding (>= 4.3)
      System.Threading (>= 4.3)
    System.Text.Encoding (4.3)
      Microsoft.NETCore.Platforms (>= 1.1)
      Microsoft.NETCore.Targets (>= 1.1)
      System.Runtime (>= 4.3)
    System.Text.RegularExpressions (4.3.1)
      System.Runtime (>= 4.3.1)
    System.Threading (4.3)
      System.Runtime (>= 4.3)
      System.Threading.Tasks (>= 4.3)
    System.Threading.Tasks (4.3)
      Microsoft.NETCore.Platforms (>= 1.1)
      Microsoft.NETCore.Targets (>= 1.1)
      System.Runtime (>= 4.3)
    Tk.Nuget (0.1.83)
      Microsoft.Extensions.DependencyInjection (>= 7.0)
      NuGet.Protocol (>= 6.13.2)
      Semver (>= 3.0)
    xunit (2.7)
      xunit.analyzers (>= 1.11)
      xunit.assert (>= 2.7)
      xunit.core (2.7)
    xunit.abstractions (2.0.3)
    xunit.analyzers (1.11)
    xunit.assert (2.7)
    xunit.core (2.7)
      xunit.extensibility.core (2.7)
      xunit.extensibility.execution (2.7)
    xunit.extensibility.core (2.7)
      xunit.abstractions (>= 2.0.3)
    xunit.extensibility.execution (2.7)
      xunit.extensibility.core (2.7)
    xunit.runner.visualstudio (2.5.7)
  remote: https://api.nuget.org/v3/index.json
    McMaster.Extensions.CommandLineUtils (4.1.1)
      System.ComponentModel.Annotations (>= 5.0)
    Microsoft.Extensions.DependencyInjection (8.0)
      Microsoft.Extensions.DependencyInjection.Abstractions (>= 8.0)
    Microsoft.Extensions.DependencyInjection.Abstractions (8.0)
    Spectre.Console (0.48)
      System.Memory (>= 4.5.5)
    System.ComponentModel.Annotations (5.0)
    System.Memory (4.5.5)
